PATH
  remote: .
  specs:
    calculated (0.1.6)
      activesupport (>= 3.0.0)
      hashie (~> 0.2.1)
      httparty (~> 0.6.1)
      i18n (>= 0.5)
      moneta (~> 0.6.0)
      tzinfo (~> 0.3.22)

GEM
  remote: http://rubygems.org/
  specs:
    activesupport (3.0.3)
    artifice (0.5)
      rack-test
    crack (0.1.8)
    diff-lcs (1.1.2)
    hashie (0.2.2)
    httparty (0.6.1)
      crack (= 0.1.8)
    i18n (0.5.0)
    moneta (0.6.0)
    rack (1.1.0)
    rack-contrib (0.9.2)
      rack (>= 0.9.1)
      test-spec (~> 0.9.0)
    rack-test (0.5.4)
      rack (>= 1.0)
    rake (0.8.7)
    rspec (2.4.0)
      rspec-core (~> 2.4.0)
      rspec-expectations (~> 2.4.0)
      rspec-mocks (~> 2.4.0)
    rspec-core (2.4.0)
    rspec-expectations (2.4.0)
      diff-lcs (~> 1.1.2)
    rspec-mocks (2.4.0)
    sinatra (1.0)
      rack (>= 1.0)
    test-spec (0.9.0)
    tzinfo (0.3.24)
    yard (0.5.8)

PLATFORMS
  ruby

DEPENDENCIES
  artifice (= 0.5)
  calculated!
  rack (= 1.1.0)
  rack-contrib (= 0.9.2)
  rake
  rspec (= 2.4.0)
  sinatra (= 1.0)
  yard
